PATH
  remote: .
  specs:
    dynamoid (0.7.1)
      activemodel (~> 3)
      aws-sdk-resources (~> 2)
      concurrent-ruby (~> 0.9)

GEM
  remote: http://www.rubygems.org/
  specs:
    activemodel (3.2.22)
      activesupport (= 3.2.22)
      builder (~> 3.0.0)
    activesupport (3.2.22)
      i18n (~> 0.6, >= 0.6.4)
      multi_json (~> 1.0)
    aws-sdk-core (2.1.31)
      jmespath (~> 1.0)
    aws-sdk-resources (2.1.31)
      aws-sdk-core (= 2.1.31)
    builder (3.0.4)
    coderay (1.1.0)
    concurrent-ruby (0.9.1)
    diff-lcs (1.2.5)
    github-markup (1.4.0)
    i18n (0.7.0)
    jmespath (1.1.3)
    method_source (0.8.2)
    multi_json (1.11.2)
    pry (0.10.3)
      coderay (~> 1.1.0)
      method_source (~> 0.8.1)
      slop (~> 3.4)
    rake (10.4.2)
    rspec (3.3.0)
      rspec-core (~> 3.3.0)
      rspec-expectations (~> 3.3.0)
      rspec-mocks (~> 3.3.0)
    rspec-core (3.3.2)
      rspec-support (~> 3.3.0)
    rspec-expectations (3.3.1)
      diff-lcs (>= 1.2.0, < 2.0)
      rspec-support (~> 3.3.0)
    rspec-mocks (3.3.2)
      diff-lcs (>= 1.2.0, < 2.0)
      rspec-support (~> 3.3.0)
    rspec-support (3.3.0)
    slop (3.6.0)
    yard (0.8.7.6)

PLATFORMS
  ruby

DEPENDENCIES
  bundler
  dynamoid!
  github-markup
  pry
  rake
  rspec (~> 3)
  yard

BUNDLED WITH
   1.10.6
